GIT
  remote: git://github.com/activerecord-hackery/squeel
  revision: 2c4f90511d811032d8927028aa99343d2f9127b4
  specs:
    squeel (1.1.1)
      activerecord (>= 3.0)
      activesupport (>= 3.0)
      polyamorous (~> 0.6.0)

GIT
  remote: git://github.com/jayrowe/valium.git
  revision: 05e76d35edea582b44b9c9a786cdd393d219fd5e
  specs:
    valium (0.5.0)
      activerecord (>= 3.0.2)

PATH
  remote: /home/ari/code/cornell-assemblies-branding
  specs:
    cornell-assemblies-branding (0.0.3)
      cornell_assemblies_rails (~> 0.0.3)

PATH
  remote: /home/ari/code/cornell-assemblies-rails
  specs:
    cornell_assemblies_rails (0.0.4)
      bcrypt-ruby (~> 3.0)
      bluecloth (~> 2.0)
      bootstrap-datetimepicker-rails (~> 0.0.11)
      bootstrap-sass (~> 3.1)
      cocoon (~> 1.0)
      cornell_ldap (~> 1.4.3)
      cornell_netid (~> 1.1)
      decent_exposure (~> 2.3)
      fullcalendar-rails (~> 1.5)
      jquery-rails (~> 3.1)
      jquery-ui-rails (~> 4.0)
      kaminari (~> 0.14)
      kaminari-bootstrap (~> 3.0)
      rails (~> 4.0.0)
      simple_form (~> 3.0)
      squeel (~> 1.0)
      tabulous (~> 2.0)

GEM
  remote: http://rubygems.org/
  specs:
    actionmailer (4.0.4)
      actionpack (= 4.0.4)
      mail (~> 2.5.4)
    actionpack (4.0.4)
      activesupport (= 4.0.4)
      builder (~> 3.1.0)
      erubis (~> 2.7.0)
      rack (~> 1.5.2)
      rack-test (~> 0.6.2)
    activemodel (4.0.4)
      activesupport (= 4.0.4)
      builder (~> 3.1.0)
    activerecord (4.0.4)
      activemodel (= 4.0.4)
      activerecord-deprecated_finders (~> 1.0.2)
      activesupport (= 4.0.4)
      arel (~> 4.0.0)
    activerecord-deprecated_finders (1.0.3)
    activesupport (4.0.4)
      i18n (~> 0.6, >= 0.6.9)
      minitest (~> 4.2)
      multi_json (~> 1.3)
      thread_safe (~> 0.1)
      tzinfo (~> 0.3.37)
    acts_as_list (0.4.0)
      activerecord (>= 3.0)
    addressable (2.3.6)
    ancestry (2.0.0)
      activerecord (>= 3.0.0)
    arel (4.0.2)
    atomic (1.1.16)
    bcrypt-ruby (3.0.1)
    blind_date (1.0.2)
      activerecord (>= 2.3.4)
    bluecloth (2.2.0)
    bootstrap-datetimepicker-rails (0.0.11)
    bootstrap-sass (3.1.1.0)
      sass (~> 3.2)
    builder (3.1.4)
    capistrano (3.1.0)
      i18n
      rake (>= 10.0.0)
      sshkit (~> 1.3)
    capistrano-bundler (1.1.2)
      capistrano (~> 3.0)
      sshkit (~> 1.2)
    capistrano-rails (1.1.1)
      capistrano (~> 3.1)
      capistrano-bundler (~> 1.1)
    capybara (2.2.1)
      mime-types (>= 1.16)
      nokogiri (>= 1.3.3)
      rack (>= 1.0.0)
      rack-test (>= 0.5.4)
      xpath (~> 2.0)
    carrierwave (0.10.0)
      activemodel (>= 3.2.0)
      activesupport (>= 3.2.0)
      json (>= 1.7)
      mime-types (>= 1.16)
    childprocess (0.5.2)
      ffi (~> 1.0, >= 1.0.11)
    chronic (0.10.2)
    cocoon (1.2.6)
    coffee-rails (4.0.1)
      coffee-script (>= 2.2.0)
      railties (>= 4.0.0, < 5.0)
    coffee-script (2.2.0)
      coffee-script-source
      execjs
    coffee-script-source (1.7.0)
    colored (1.2)
    cornell_ldap (1.4.4)
      net-ldap
    cornell_netid (1.1.0)
    cucumber (1.3.13)
      builder (>= 2.1.2)
      diff-lcs (>= 1.1.3)
      gherkin (~> 2.12)
      multi_json (>= 1.7.5, < 2.0)
      multi_test (>= 0.1.1)
    cucumber-rails (1.4.0)
      capybara (>= 1.1.2)
      cucumber (>= 1.2.0)
      nokogiri (>= 1.5.0)
      rails (>= 3.0.0)
    daemons (1.1.9)
    database_cleaner (1.2.0)
    decent_exposure (2.3.1)
    declarative_authorization (0.5.7)
    diff-lcs (1.2.5)
    erubis (2.7.0)
    escape_utils (1.0.1)
    exception_notification (4.0.1)
      actionmailer (>= 3.0.4)
      activesupport (>= 3.0.4)
    execjs (2.0.2)
    factory_girl (3.6.2)
      activesupport (>= 3.0.0)
    factory_girl_rails (3.6.0)
      factory_girl (~> 3.6.0)
      railties (>= 3.0.0)
    ffi (1.9.3)
    fullcalendar-rails (1.6.4.0)
    gettext (3.1.1)
      locale (>= 2.0.5)
      text
    gherkin (2.12.2)
      multi_json (~> 1.3)
    hike (1.2.3)
    i18n (0.6.9)
    jquery-rails (3.1.0)
      railties (>= 3.0, < 5.0)
      thor (>= 0.14, < 2.0)
    jquery-ui-rails (4.2.0)
      railties (>= 3.2.16)
    json (1.8.1)
    kaminari (0.15.1)
      actionpack (>= 3.0.0)
      activesupport (>= 3.0.0)
    kaminari-bootstrap (3.0.1)
      kaminari (>= 0.13.0)
      rails
    launchy (2.4.2)
      addressable (~> 2.3)
    libv8 (3.11.8.17)
    locale (2.1.0)
    mail (2.5.4)
      mime-types (~> 1.16)
      treetop (~> 1.4.8)
    mime-types (1.25.1)
    mini_portile (0.5.3)
    minitest (4.7.5)
    multi_json (1.9.2)
    multi_test (0.1.1)
    mysql2 (0.3.15)
    net-ldap (0.5.1)
    net-scp (1.1.2)
      net-ssh (>= 2.6.5)
    net-ssh (2.8.0)
    nokogiri (1.6.1)
      mini_portile (~> 0.5.0)
    paper_trail (3.0.1)
      activerecord (>= 3.0, < 5.0)
      activesupport (>= 3.0, < 5.0)
    pdf-core (0.2.5)
    polyamorous (0.6.4)
      activerecord (>= 3.0)
    polyglot (0.3.4)
    prawn (1.0.0)
      pdf-core (~> 0.2.2)
      ttfunk (~> 1.1.1)
    prawn-fast-png (0.2.3)
      prawn
      rmagick
    rack (1.5.2)
    rack-test (0.6.2)
      rack (>= 1.0)
    rails (4.0.4)
      actionmailer (= 4.0.4)
      actionpack (= 4.0.4)
      activerecord (= 4.0.4)
      activesupport (= 4.0.4)
      bundler (>= 1.3.0, < 2.0)
      railties (= 4.0.4)
      sprockets-rails (~> 2.0.0)
    railties (4.0.4)
      actionpack (= 4.0.4)
      activesupport (= 4.0.4)
      rake (>= 0.8.7)
      thor (>= 0.18.1, < 2.0)
    rake (10.2.2)
    ransack (1.1.0)
      actionpack (>= 3.0)
      activerecord (>= 3.0)
      polyamorous (~> 0.6.0)
    ref (1.0.5)
    rmagick (2.13.2)
    rspec (2.14.1)
      rspec-core (~> 2.14.0)
      rspec-expectations (~> 2.14.0)
      rspec-mocks (~> 2.14.0)
    rspec-core (2.14.8)
    rspec-expectations (2.14.5)
      diff-lcs (>= 1.1.3, < 2.0)
    rspec-mocks (2.14.6)
    rspec-rails (2.14.2)
      actionpack (>= 3.0)
      activemodel (>= 3.0)
      activesupport (>= 3.0)
      railties (>= 3.0)
      rspec-core (~> 2.14.0)
      rspec-expectations (~> 2.14.0)
      rspec-mocks (~> 2.14.0)
    ruby-graphviz (1.0.9)
    rubyzip (1.1.2)
    sass (3.2.18)
    sass-rails (4.0.2)
      railties (>= 4.0.0, < 5.0)
      sass (~> 3.2.0)
      sprockets (~> 2.8, <= 2.11.0)
      sprockets-rails (~> 2.0.0)
    selenium-webdriver (2.40.0)
      childprocess (>= 0.5.0)
      multi_json (~> 1.0)
      rubyzip (~> 1.0)
      websocket (~> 1.0.4)
    simple_form (3.0.1)
      actionpack (>= 4.0.0, < 4.1)
      activemodel (>= 4.0.0, < 4.1)
    spring (1.1.2)
    spring-commands-cucumber (1.0.1)
      spring (>= 0.9.1)
    spring-commands-rspec (1.0.1)
      spring (>= 0.9.1)
    sprockets (2.11.0)
      hike (~> 1.2)
      multi_json (~> 1.0)
      rack (~> 1.0)
      tilt (~> 1.1, != 1.3.0)
    sprockets-rails (2.0.1)
      actionpack (>= 3.0)
      activesupport (>= 3.0)
      sprockets (~> 2.8)
    sshkit (1.3.0)
      net-scp (>= 1.1.2)
      net-ssh
      term-ansicolor
    state_machine (1.2.0)
    tabulous (2.1.0)
      colored (~> 1.2.0)
      rails (>= 3.0, < 4.1.0)
    term-ansicolor (1.3.0)
      tins (~> 1.0)
    test-unit (2.5.5)
    text (1.2.3)
    therubyracer (0.11.4)
      libv8 (~> 3.11.8.12)
      ref
    thor (0.19.1)
    thread_safe (0.3.1)
      atomic (>= 1.1.7, < 2)
    tilt (1.4.1)
    timeliness (0.3.7)
    tins (1.0.1)
    treetop (1.4.15)
      polyglot
      polyglot (>= 0.3.1)
    ttfunk (1.1.1)
    tzinfo (0.3.39)
    uglifier (2.5.0)
      execjs (>= 0.3.0)
      json (>= 1.8.0)
    validates_timeliness (3.0.14)
      timeliness (~> 0.3.6)
    websocket (1.0.7)
    whenever (0.9.2)
      activesupport (>= 2.3.4)
      chronic (>= 0.6.3)
    xpath (2.0.0)
      nokogiri (~> 1.3)

PLATFORMS
  ruby

DEPENDENCIES
  acts_as_list (~> 0.4)
  ancestry
  bcrypt-ruby (~> 3.0.0)
  blind_date (~> 1.0.2)
  bundler (~> 1.6.0)
  capistrano-rails
  capybara (~> 2.0)
  carrierwave
  coffee-rails
  cornell-assemblies-branding!
  cornell_assemblies_rails!
  cornell_ldap (>= 1.3.1)
  cucumber
  cucumber-rails
  daemons
  database_cleaner
  declarative_authorization
  escape_utils
  exception_notification (~> 4.0)
  execjs
  factory_girl_rails (~> 3.0)
  gettext
  launchy
  libv8 (~> 3.11.8)
  mysql2
  paper_trail (~> 3.0)
  prawn (~> 1.0.0rc)
  prawn-fast-png
  rails (~> 4.0.0)
  rake
  ransack
  rspec (~> 2.12)
  rspec-rails (~> 2.12)
  ruby-graphviz
  sass-rails (~> 4.0.2)
  selenium-webdriver
  spring
  spring-commands-cucumber
  spring-commands-rspec
  squeel!
  state_machine
  test-unit
  therubyracer (~> 0.11.4)
  uglifier
  validates_timeliness
  valium!
  whenever
