GIT
  remote: git://assembly.cornell.edu/git/cornell-assemblies-branding.git
  revision: 08a34ec1f756214f6211fb41124b2b48a53fdae2
  branch: 0-0-3
  specs:
    cornell-assemblies-branding (0.0.3)
      cornell_assemblies_rails (~> 0.0.3)
      railties (~> 3.2.6)

GIT
  remote: git://assembly.cornell.edu/git/cornell-assemblies-rails.git
  revision: eccefd2aaa43f2aa8e33f8bf6441ec2b106f3172
  branch: 0-0-3
  specs:
    cornell_assemblies_rails (0.0.3)
      bcrypt-ruby (~> 3.0)
      best_in_place (~> 1.1)
      bluecloth (~> 2.0)
      bootstrap-sass (~> 2.2)
      cocoon (~> 1.0)
      cornell_ldap (~> 1.4.3)
      cornell_netid (~> 1.1)
      decent_exposure (~> 2.0)
      jquery-rails (~> 2.0)
      jquery-ui-rails (~> 4.0)
      kaminari (~> 0.14)
      kaminari-bootstrap (~> 0.1)
      railties (~> 3.2)
      simple_form (~> 2.0)
      tabulous (~> 1.3)

GEM
  remote: http://rubygems.org/
  specs:
    Ascii85 (1.0.2)
    actionmailer (3.2.11)
      actionpack (= 3.2.11)
      mail (~> 2.4.4)
    actionpack (3.2.11)
      activemodel (= 3.2.11)
      activesupport (= 3.2.11)
      builder (~> 3.0.0)
      erubis (~> 2.7.0)
      journey (~> 1.0.4)
      rack (~> 1.4.0)
      rack-cache (~> 1.2)
      rack-test (~> 0.6.1)
      sprockets (~> 2.2.1)
    activemodel (3.2.11)
      activesupport (= 3.2.11)
      builder (~> 3.0.0)
    activerecord (3.2.11)
      activemodel (= 3.2.11)
      activesupport (= 3.2.11)
      arel (~> 3.0.2)
      tzinfo (~> 0.3.29)
    activeresource (3.2.11)
      activemodel (= 3.2.11)
      activesupport (= 3.2.11)
    activesupport (3.2.11)
      i18n (~> 0.6)
      multi_json (~> 1.0)
    acts_as_list (0.1.9)
    addressable (2.3.2)
    afm (0.2.0)
    arel (3.0.2)
    bcrypt-ruby (3.0.1)
    best_in_place (1.1.3)
      jquery-rails
      rails (~> 3.1)
    blind_date (1.0.2)
      activerecord (>= 2.3.4)
    bluecloth (2.2.0)
    bootstrap-sass (2.2.2.0)
      sass (~> 3.2)
    builder (3.0.4)
    capistrano (2.14.1)
      highline
      net-scp (>= 1.0.0)
      net-sftp (>= 2.0.0)
      net-ssh (>= 2.0.14)
      net-ssh-gateway (>= 1.1.0)
    capybara (2.0.2)
      mime-types (>= 1.16)
      nokogiri (>= 1.3.3)
      rack (>= 1.0.0)
      rack-test (>= 0.5.4)
      selenium-webdriver (~> 2.0)
      xpath (~> 1.0.0)
    carrierwave (0.8.0)
      activemodel (>= 3.2.0)
      activesupport (>= 3.2.0)
    childprocess (0.3.6)
      ffi (~> 1.0, >= 1.0.6)
    chronic (0.9.0)
    cocoon (1.1.2)
    coffee-rails (3.2.2)
      coffee-script (>= 2.2.0)
      railties (~> 3.2.0)
    coffee-script (2.2.0)
      coffee-script-source
      execjs
    coffee-script-source (1.4.0)
    colored (1.2)
    cornell_ldap (1.4.4)
      net-ldap
    cornell_netid (1.1.0)
    cucumber (1.2.1)
      builder (>= 2.1.2)
      diff-lcs (>= 1.1.3)
      gherkin (~> 2.11.0)
      json (>= 1.4.6)
    cucumber-rails (1.3.0)
      capybara (>= 1.1.2)
      cucumber (>= 1.1.8)
      nokogiri (>= 1.5.0)
    daemons (1.1.9)
    database_cleaner (0.9.1)
    decent_exposure (2.0.1)
    declarative_authorization (0.5.6)
    diff-lcs (1.2.0)
    erubis (2.7.0)
    escape_utils (0.2.4)
    eventmachine (1.0.0)
    exception_notification (3.0.0)
      actionmailer (>= 3.0.4)
      tinder (~> 1.8)
    execjs (1.4.0)
      multi_json (~> 1.0)
    factory_girl (3.6.2)
      activesupport (>= 3.0.0)
    factory_girl_rails (3.6.0)
      factory_girl (~> 3.6.0)
      railties (>= 3.0.0)
    faraday (0.8.4)
      multipart-post (~> 1.1)
    faraday_middleware (0.9.0)
      faraday (>= 0.7.4, < 0.9)
    ffi (1.3.1)
    gettext (2.3.7)
      levenshtein
      locale
    gherkin (2.11.5)
      json (>= 1.4.6)
    hashery (2.1.0)
    hashie (1.2.0)
    highline (1.6.15)
    hike (1.2.1)
    http_parser.rb (0.5.3)
    i18n (0.6.1)
    journey (1.0.4)
    jquery-rails (2.2.1)
      railties (>= 3.0, < 5.0)
      thor (>= 0.14, < 2.0)
    jquery-ui-rails (4.0.1)
      jquery-rails
      railties (>= 3.1.0)
    json (1.7.6)
    kaminari (0.14.1)
      actionpack (>= 3.0.0)
      activesupport (>= 3.0.0)
    kaminari-bootstrap (0.1.3)
      kaminari (>= 0.13.0)
      rails
    launchy (2.1.2)
      addressable (~> 2.3)
    levenshtein (0.2.2)
    libv8 (3.3.10.4)
    locale (2.0.8)
    mail (2.4.4)
      i18n (>= 0.4.0)
      mime-types (~> 1.16)
      treetop (~> 1.4.8)
    mime-types (1.21)
    multi_json (1.5.0)
    multipart-post (1.1.5)
    mysql2 (0.3.11)
    net-ldap (0.3.1)
    net-scp (1.0.4)
      net-ssh (>= 1.99.1)
    net-sftp (2.0.5)
      net-ssh (>= 2.0.9)
    net-ssh (2.6.3)
    net-ssh-gateway (1.1.0)
      net-ssh (>= 1.99.1)
    nokogiri (1.5.6)
    paper_trail (2.7.0)
      activerecord (~> 3.0)
      railties (~> 3.0)
    pdf-reader (1.3.0)
      Ascii85 (~> 1.0.0)
      afm (~> 0.2.0)
      hashery (~> 2.0)
      ruby-rc4
      ttfunk
    polyamorous (0.5.0)
      activerecord (~> 3.0)
    polyglot (0.3.3)
    prawn (1.0.0.rc1)
      pdf-reader (>= 0.9.0)
      ttfunk (~> 1.0.3)
    prawn-fast-png (0.2.3)
      prawn
      rmagick
    rack (1.4.5)
    rack-cache (1.2)
      rack (>= 0.4)
    rack-ssl (1.3.3)
      rack
    rack-test (0.6.2)
      rack (>= 1.0)
    rails (3.2.11)
      actionmailer (= 3.2.11)
      actionpack (= 3.2.11)
      activerecord (= 3.2.11)
      activeresource (= 3.2.11)
      activesupport (= 3.2.11)
      bundler (~> 1.0)
      railties (= 3.2.11)
    railties (3.2.11)
      actionpack (= 3.2.11)
      activesupport (= 3.2.11)
      rack-ssl (~> 1.3.2)
      rake (>= 0.8.7)
      rdoc (~> 3.4)
      thor (>= 0.14.6, < 2.0)
    rake (10.0.3)
    ransack (0.7.2)
      actionpack (~> 3.0)
      activerecord (~> 3.0)
      polyamorous (~> 0.5.0)
    rdoc (3.12.1)
      json (~> 1.4)
    rmagick (2.13.1)
    rspec (2.0.1)
      rspec-core (~> 2.0.1)
      rspec-expectations (~> 2.0.1)
      rspec-mocks (~> 2.0.1)
    rspec-core (2.0.1)
    rspec-expectations (2.0.1)
      diff-lcs (>= 1.1.2)
    rspec-mocks (2.0.1)
      rspec-core (~> 2.0.1)
      rspec-expectations (~> 2.0.1)
    rspec-rails (2.0.1)
      rspec (~> 2.0.0)
    ruby-graphviz (1.0.8)
    ruby-rc4 (0.1.5)
    rubyzip (0.9.9)
    sass (3.2.5)
    sass-rails (3.2.6)
      railties (~> 3.2.0)
      sass (>= 3.1.10)
      tilt (~> 1.3)
    selenium-webdriver (2.29.0)
      childprocess (>= 0.2.5)
      multi_json (~> 1.0)
      rubyzip
      websocket (~> 1.0.4)
    simple_form (2.0.4)
      actionpack (~> 3.0)
      activemodel (~> 3.0)
    simple_oauth (0.1.9)
    spork (0.9.2)
    sprockets (2.2.2)
      hike (~> 1.2)
      multi_json (~> 1.0)
      rack (~> 1.0)
      tilt (~> 1.1, != 1.3.0)
    squeel (1.0.14)
      activerecord (~> 3.0)
      activesupport (~> 3.0)
      polyamorous (~> 0.5.0)
    state_machine (1.1.2)
    tabulous (1.3.0)
      colored (~> 1.2.0)
      rails (~> 3.0)
    test-unit (2.5.3)
    therubyracer (0.10.2)
      libv8 (~> 3.3.10)
    thor (0.17.0)
    tilt (1.3.3)
    timeliness (0.3.7)
    tinder (1.9.2)
      eventmachine (~> 1.0)
      faraday (~> 0.8)
      faraday_middleware (~> 0.9)
      hashie (~> 1.0)
      json (~> 1.7.5)
      mime-types (~> 1.19)
      multi_json (~> 1.5)
      twitter-stream (~> 0.1)
    treetop (1.4.12)
      polyglot
      polyglot (>= 0.3.1)
    ttfunk (1.0.3)
    twitter-stream (0.1.16)
      eventmachine (>= 0.12.8)
      http_parser.rb (~> 0.5.1)
      simple_oauth (~> 0.1.4)
    tzinfo (0.3.35)
    uglifier (1.3.0)
      execjs (>= 0.3.0)
      multi_json (~> 1.0, >= 1.0.2)
    validates_timeliness (3.0.14)
      timeliness (~> 0.3.6)
    valium (0.5.0)
      activerecord (>= 3.0.2)
    websocket (1.0.6)
    whenever (0.8.2)
      activesupport (>= 2.3.4)
      chronic (>= 0.6.3)
    xpath (1.0.0)
      nokogiri (~> 1.3)

PLATFORMS
  ruby

DEPENDENCIES
  acts_as_list (~> 0.1.9)
  blind_date (~> 1.0.2)
  capistrano
  capybara (~> 2.0)
  carrierwave
  coffee-rails
  cornell-assemblies-branding!
  cornell_assemblies_rails!
  cornell_ldap (>= 1.3.1)
  cucumber-rails
  daemons
  database_cleaner
  declarative_authorization
  escape_utils
  exception_notification
  execjs
  factory_girl_rails (~> 3.0)
  gettext
  launchy
  libv8 (~> 3.3.10)
  mysql2
  paper_trail (~> 2.0)
  prawn (~> 1.0.0rc)
  prawn-fast-png
  rails (~> 3.2)
  rake
  ransack
  rspec-rails
  ruby-graphviz
  sass-rails
  spork
  squeel
  state_machine
  test-unit
  therubyracer (~> 0.10.1)
  uglifier
  validates_timeliness
  valium
  whenever
