GEM
  remote: http://rubygems.org/
  specs:
    Ascii85 (1.0.1)
    aaronh-chronic (0.3.9)
    abstract (1.0.0)
    actionmailer (3.0.9)
      actionpack (= 3.0.9)
      mail (~> 2.2.19)
    actionpack (3.0.9)
      activemodel (= 3.0.9)
      activesupport (= 3.0.9)
      builder (~> 2.1.2)
      erubis (~> 2.6.6)
      i18n (~> 0.5.0)
      rack (~> 1.2.1)
      rack-mount (~> 0.6.14)
      rack-test (~> 0.5.7)
      tzinfo (~> 0.3.23)
    activemodel (3.0.9)
      activesupport (= 3.0.9)
      builder (~> 2.1.2)
      i18n (~> 0.5.0)
    activerecord (3.0.9)
      activemodel (= 3.0.9)
      activesupport (= 3.0.9)
      arel (~> 2.0.10)
      tzinfo (~> 0.3.23)
    activeresource (3.0.9)
      activemodel (= 3.0.9)
      activesupport (= 3.0.9)
    activesupport (3.0.9)
    arel (2.0.10)
    authlogic (3.0.3)
      activerecord (>= 3.0.7)
      activerecord (>= 3.0.7)
    blind_date (1.0.2)
      activerecord (>= 2.3.4)
    bluecloth (2.1.0)
    builder (2.1.2)
    capistrano (2.6.0)
      highline
      net-scp (>= 1.0.0)
      net-sftp (>= 2.0.0)
      net-ssh (>= 2.0.14)
      net-ssh-gateway (>= 1.1.0)
    capybara (1.0.0.beta1)
      mime-types (>= 1.16)
      nokogiri (>= 1.3.3)
      rack (>= 1.0.0)
      rack-test (>= 0.5.4)
      selenium-webdriver (>= 0.0.27)
      xpath (~> 0.1.4)
    childprocess (0.1.9)
      ffi (~> 1.0.6)
    configuration (1.2.0)
    cornell_ldap (1.4.0)
      net-ldap (>= 0.1.1)
    cornell_netid (1.1.0)
    cucumber (0.10.3)
      builder (>= 2.1.2)
      diff-lcs (>= 1.1.2)
      gherkin (>= 2.3.8)
      json (>= 1.4.6)
      term-ansicolor (>= 1.0.5)
    cucumber-rails (0.5.1)
      capybara (>= 1.0.0.beta1)
      cucumber (>= 0.10.3)
      nokogiri (>= 1.4.4)
      rack-test (>= 0.5.7)
    daemons (1.1.3)
    database_cleaner (0.6.7)
    declarative_authorization (0.5.3)
    diff-lcs (1.1.2)
    email_spec (1.1.1)
      rspec (~> 2.0)
    erubis (2.6.6)
      abstract (>= 1.0.0)
    escape_utils (0.2.3)
    eventmachine (0.12.10)
    factory_girl (1.3.2)
    ffi (1.0.9)
    formtastic (1.2.4)
      actionpack (>= 2.3.7)
      activesupport (>= 2.3.7)
      i18n (~> 0.4)
    gettext (2.1.0)
      locale (>= 2.0.5)
    gherkin (2.3.10)
      json (>= 1.4.6)
    highline (1.6.2)
    i18n (0.5.0)
    jquery-rails (1.0.9)
      railties (~> 3.0)
      thor (~> 0.14)
    json (1.5.1)
    json_pure (1.5.1)
    launchy (0.4.0)
      configuration (>= 0.0.5)
      rake (>= 0.8.1)
    locale (2.0.5)
    mail (2.2.19)
      activesupport (>= 2.3.6)
      i18n (>= 0.4.0)
      mime-types (~> 1.16)
      treetop (~> 1.4.8)
    meta_search (1.0.5)
      actionpack (~> 3.0.2)
      activerecord (~> 3.0.2)
      activesupport (~> 3.0.2)
      arel (~> 2.0.2)
    meta_where (1.0.4)
      activerecord (~> 3.0.0)
      activesupport (~> 3.0.0)
      arel (~> 2.0.7)
    mime-types (1.16)
    mysql2 (0.2.7)
    net-ldap (0.2.2)
    net-scp (1.0.4)
      net-ssh (>= 1.99.1)
    net-sftp (2.0.5)
      net-ssh (>= 2.0.9)
    net-ssh (2.1.4)
    net-ssh-gateway (1.1.0)
      net-ssh (>= 1.99.1)
    nokogiri (1.4.4)
    paperclip (2.3.11)
      activerecord (>= 2.3.0)
      activesupport (>= 2.3.2)
    pdf-reader (0.9.2)
      Ascii85 (>= 0.9)
    pickle (0.4.7)
      cucumber (>= 0.8)
      rake
    polyglot (0.3.1)
    prawn (0.11.1)
      pdf-reader (>= 0.9.0)
      ttfunk (~> 1.0.0)
    prawn-fast-png (0.2.3)
      prawn
      rmagick
    rack (1.2.3)
    rack-mount (0.6.14)
      rack (>= 1.0.0)
    rack-test (0.5.7)
      rack (>= 1.0)
    rails (3.0.9)
      actionmailer (= 3.0.9)
      actionpack (= 3.0.9)
      activerecord (= 3.0.9)
      activeresource (= 3.0.9)
      activesupport (= 3.0.9)
      bundler (~> 1.0)
      railties (= 3.0.9)
    rails3-jquery-autocomplete (0.7.4)
      rails (~> 3.0)
      yajl-ruby
    railties (3.0.9)
      actionpack (= 3.0.9)
      activesupport (= 3.0.9)
      rake (>= 0.8.7)
      rdoc (~> 3.4)
      thor (~> 0.14.4)
    rake (0.9.2)
    rdoc (3.6.1)
    rmagick (2.13.1)
    rspec (2.6.0)
      rspec-core (~> 2.6.0)
      rspec-expectations (~> 2.6.0)
      rspec-mocks (~> 2.6.0)
    rspec-core (2.6.3)
    rspec-expectations (2.6.0)
      diff-lcs (~> 1.1.2)
    rspec-mocks (2.6.0)
    rspec-rails (2.6.1)
      actionpack (~> 3.0)
      activesupport (~> 3.0)
      railties (~> 3.0)
      rspec (~> 2.6.0)
    rubyzip (0.9.4)
    selenium-webdriver (0.2.1)
      childprocess (>= 0.1.7)
      ffi (>= 1.0.7)
      json_pure
      rubyzip
    spork (0.8.5)
    sqlite3 (1.3.3)
    sqlite3-ruby (1.3.3)
      sqlite3 (>= 1.3.3)
    state_machine (1.0.1)
    term-ansicolor (1.0.5)
    test-unit (2.3.0)
    thin (1.2.11)
      daemons (>= 1.0.9)
      eventmachine (>= 0.12.6)
      rack (>= 1.0.0)
    thor (0.14.6)
    timeliness (0.3.4)
    treetop (1.4.9)
      polyglot (>= 0.3.1)
    ttfunk (1.0.1)
    tzinfo (0.3.28)
    validates_timeliness (3.0.6)
      timeliness (~> 0.3.3)
    whenever (0.6.8)
      aaronh-chronic (>= 0.3.9)
      activesupport (>= 2.3.4)
    will_paginate (2.3.15)
    xpath (0.1.4)
      nokogiri (~> 1.3)
    yajl-ruby (0.8.2)

PLATFORMS
  ruby

DEPENDENCIES
  authlogic
  blind_date (~> 1.0.2)
  bluecloth
  capistrano
  capybara
  cornell_ldap (>= 1.3.1)
  cornell_netid
  cucumber
  cucumber-rails
  daemons
  database_cleaner
  declarative_authorization
  email_spec
  escape_utils
  factory_girl (= 1.3.2)
  formtastic
  gettext
  jquery-rails
  launchy
  meta_search
  meta_where
  mysql2 (~> 0.2.7)
  paperclip
  pickle
  prawn
  prawn-fast-png
  rails (= 3.0.9)
  rails3-jquery-autocomplete
  rake (~> 0.9.2)
  rspec (>= 2.0)
  rspec-rails (>= 2.0)
  spork
  sqlite3-ruby
  state_machine
  test-unit
  thin
  validates_timeliness (~> 3.0)
  whenever
  will_paginate
