GIT
  remote: http://github.com/paneq/calendar_date_select.git
  revision: 8e7ec79435a68665df40b14bd90f47e6ac5e9135
  branch: rails3test
  specs:
    calendar_date_select (1.16.1)

GEM
  remote: http://rubygems.org/
  specs:
    aaronh-chronic (0.3.9)
    aasm (2.2.0)
    abstract (1.0.0)
    actionmailer (3.0.1)
      actionpack (= 3.0.1)
      mail (~> 2.2.5)
    actionpack (3.0.1)
      activemodel (= 3.0.1)
      activesupport (= 3.0.1)
      builder (~> 2.1.2)
      erubis (~> 2.6.6)
      i18n (~> 0.4.1)
      rack (~> 1.2.1)
      rack-mount (~> 0.6.12)
      rack-test (~> 0.5.4)
      tzinfo (~> 0.3.23)
    activemodel (3.0.1)
      activesupport (= 3.0.1)
      builder (~> 2.1.2)
      i18n (~> 0.4.1)
    activerecord (3.0.1)
      activemodel (= 3.0.1)
      activesupport (= 3.0.1)
      arel (~> 1.0.0)
      tzinfo (~> 0.3.23)
    activeresource (3.0.1)
      activemodel (= 3.0.1)
      activesupport (= 3.0.1)
    activesupport (3.0.1)
    arel (1.0.1)
      activesupport (~> 3.0.0)
    authlogic (2.1.6)
      activesupport
    blind_date (0.0.2)
      activerecord (>= 2.3.4)
    bluecloth (2.0.9)
    builder (2.1.2)
    configuration (1.1.0)
    cornell_ldap (1.4.0)
      net-ldap (>= 0.1.1)
    cornell_netid (1.1.0)
    cucumber (0.8.5)
      builder (~> 2.1.2)
      diff-lcs (~> 1.1.2)
      gherkin (~> 2.1.4)
      json_pure (~> 1.4.3)
      term-ansicolor (~> 1.0.4)
    cucumber-rails (0.3.2)
      cucumber (>= 0.8.0)
    daemons (1.1.0)
    declarative_authorization (0.5.1)
    diff-lcs (1.1.2)
    email_spec (0.6.2)
    erubis (2.6.6)
      abstract (>= 1.0.0)
    factory_girl (1.3.1)
    formtastic (1.1.0)
      actionpack (>= 2.3.0)
      activesupport (>= 2.3.0)
      i18n (>= 0.4.0)
    gettext (2.1.0)
      locale (>= 2.0.5)
    gherkin (2.1.5)
      trollop (~> 1.16.2)
    hoe (2.6.1)
      rake (>= 0.8.7)
      rubyforge (>= 2.0.4)
    i18n (0.4.2)
    json_pure (1.4.3)
    launchy (0.3.7)
      configuration (>= 0.0.5)
      rake (>= 0.8.1)
    locale (2.0.5)
    mail (2.2.9)
      activesupport (>= 2.3.6)
      i18n (~> 0.4.1)
      mime-types (~> 1.16)
      treetop (~> 1.4.8)
    meta_search (0.9.8)
      actionpack (~> 3.0.0)
      activerecord (~> 3.0.0)
      activesupport (~> 3.0.0)
      arel (~> 1.0.1)
    meta_where (0.9.6)
      activerecord (~> 3.0.0)
      activesupport (~> 3.0.0)
      arel (~> 1.0.1)
    mime-types (1.16)
    net-ldap (0.1.1)
    nokogiri (1.4.2)
    paperclip (2.3.5)
      activerecord
      activesupport
    pickle (0.3.0)
    polyglot (0.3.1)
    rack (1.2.1)
    rack-mount (0.6.13)
      rack (>= 1.0.0)
    rack-test (0.5.6)
      rack (>= 1.0)
    rails (3.0.1)
      actionmailer (= 3.0.1)
      actionpack (= 3.0.1)
      activerecord (= 3.0.1)
      activeresource (= 3.0.1)
      activesupport (= 3.0.1)
      bundler (~> 1.0.0)
      railties (= 3.0.1)
    railties (3.0.1)
      actionpack (= 3.0.1)
      activesupport (= 3.0.1)
      rake (>= 0.8.4)
      thor (~> 0.14.0)
    rake (0.8.7)
    repeated_auto_complete (0.1.3)
    rspec (2.0.1)
      rspec-core (~> 2.0.1)
      rspec-expectations (~> 2.0.1)
      rspec-mocks (~> 2.0.1)
    rspec-core (2.0.1)
    rspec-expectations (2.0.1)
      diff-lcs (>= 1.1.2)
    rspec-mocks (2.0.1)
      rspec-core (~> 2.0.1)
      rspec-expectations (~> 2.0.1)
    rspec-rails (2.0.1)
      rspec (~> 2.0.0)
    rubyforge (2.0.4)
      json_pure (>= 1.1.7)
    spork (0.8.4)
    sqlite3-ruby (1.3.1)
    term-ansicolor (1.0.5)
    test-unit (1.2.3)
      hoe (>= 1.5.1)
    thor (0.14.3)
    timeliness (0.1.1)
    treetop (1.4.8)
      polyglot (>= 0.3.1)
    trollop (1.16.2)
    tzinfo (0.3.23)
    validates_timeliness (3.0.0)
      timeliness (~> 0.1.0)
    webrat (0.7.1)
      nokogiri (>= 1.2.0)
      rack (>= 1.0)
      rack-test (>= 0.5.3)
    whenever (0.6.2)
      aaronh-chronic (>= 0.3.9)
      activesupport (>= 2.3.4)
    will_paginate (2.3.15)

PLATFORMS
  ruby

DEPENDENCIES
  aasm
  authlogic
  blind_date
  bluecloth
  calendar_date_select!
  cornell_ldap (>= 1.3.1)
  cornell_netid
  cucumber
  cucumber-rails
  daemons
  declarative_authorization
  email_spec
  factory_girl
  formtastic
  gettext
  launchy
  meta_search
  meta_where
  paperclip
  pickle
  rails (= 3.0.1)
  repeated_auto_complete
  rspec (>= 2.0)
  rspec-rails (>= 2.0)
  spork
  sqlite3-ruby
  test-unit
  validates_timeliness (~> 3.0)
  webrat
  whenever
  will_paginate
